GEM
  remote: http://rubygems.org/
  specs:
    SystemTimer (1.2.1)
    addressable (2.2.2)
    diff-lcs (1.1.2)
    faraday (0.5.3)
      addressable (~> 2.2.2)
      multipart-post (~> 1.0.1)
      rack (>= 1.1.0, < 2)
    grit (2.3.0)
      diff-lcs (~> 1.1)
      mime-types (~> 1.15)
    haml (3.0.25)
    indextank (0.0.6)
      faraday
      json_pure (= 1.4.6)
      yajl-ruby (= 0.7.7)
    json_pure (1.4.6)
    mime-types (1.16)
    multipart-post (1.0.1)
    rack (1.2.1)
    rake (0.8.7)
    redis (2.1.1)
    shoulda (2.11.3)
    sinatra (1.1.0)
      rack (~> 1.1)
      tilt (~> 1.1)
    tilt (1.2)
    yajl-ruby (0.7.7)

PLATFORMS
  ruby

DEPENDENCIES
  SystemTimer
  grit
  haml
  indextank (= 0.0.6)
  rake
  redis
  shoulda
  sinatra
